{
  "TaskName": "V3",
  "Manufacturer": "Brain Products",
  "PowerLineFrequency": 60.0,
  "SamplingFrequency": 5000.0,
  "SoftwareFilters": "n/a",
  "RecordingDuration": 391.4198,
  "RecordingType": "continuous",
  "EEGReference": "n/a",
  "EEGGround": "n/a",
  "EEGPlacementScheme": "n/a",
  "EEGChannelCount": 3,
  "EOGChannelCount": 0,
  "ECGChannelCount": 0,
  "EMGChannelCount": 0,
  "TriggerChannelCount": 0,
  "TaskDescription": "Resting state EMG recording",
  "Instructions": "Close your eyes and relax without any imagination",
  "ManufacturersModelName": "BrainVision ExG AUX Amp",
  "SoftwareVersions": "BrainVision Recorder 1.23",
  "DeviceSerialNumber": "n/a",
  "EMGPlacementScheme": "Belly Tendon Surface of FDI, ADM, APB Muscles",
  "EMGReference": "Single electrode placed for each muscles",
  "EMGGround": "Placed on right hand ulna bone",
  "InstitutionName": "National Research University, Higher School of Economics",
  "InstitutionAddress": "HSE Moscow",
  "InstitutionalDepartmentName": "Institute for Cognitive Neuroscience",
  "MISCChannelCount": 0
}
